{
	"Modality": "MR",
	"MagneticFieldStrength": 3,
	"Manufacturer": "Siemens",
	"ManufacturersModelName": "Prisma",
	"InstitutionName": "University_of_Toronto",
	"InstitutionalDepartmentName": "Department",
	"InstitutionAddress": "Huron_325_TORONTO_ONTARIO_CA_M5S_3G3",
	"DeviceSerialNumber": "66108",
	"StationName": "AWP66108",
	"BodyPartExamined": "BRAIN",
	"PatientPosition": "HFS",
	"ProcedureStepDescription": "Cunningham_Nathan",
	"SoftwareVersions": "syngo_MR_E11",
	"MRAcquisitionType": "2D",
	"SeriesDescription": "gre_field_mapping",
	"ProtocolName": "gre_field_mapping",
	"ScanningSequence": "GR",
	"SequenceVariant": "SP",
	"SequenceName": "_fm2d2r",
	"ImageType": ["ORIGINAL", "PRIMARY", "M", "ND"],
	"SeriesNumber": 10,
	"AcquisitionTime": "11:16:18.167500",
	"AcquisitionNumber": 1,
	"SliceThickness": 2.5,
	"SpacingBetweenSlices": 3,
	"SAR": 0.134914,
	"EchoTime": 0.00492,
	"RepetitionTime": 0.554,
	"FlipAngle": 60,
	"PartialFourier": 1,
	"BaseResolution": 88,
	"ShimSetting": [
		-1016,
		-7002,
		-6385,
		487,
		56,
		-69,
		-42,
		-51	],
	"TxRefAmp": 218.2,
	"PhaseResolution": 1,
	"ReceiveCoilName": "Head_32",
	"ReceiveCoilActiveElements": "HEA;HEP",
	"PulseSequenceDetails": "%SiemensSeq%_gre_field_mapping",
	"ConsistencyInfo": "N4_VE11C_LATEST_20160120",
	"PercentPhaseFOV": 100,
	"PhaseEncodingSteps": 88,
	"AcquisitionMatrixPE": 88,
	"ReconMatrixPE": 88,
	"PixelBandwidth": 390,
	"DwellTime": 1.46e-05,
	"PhaseEncodingDirection": "j-",
	"ImageOrientationPatientDICOM": [
		0.999076,
		0.0139911,
		0.0406479,
		-0.00871876,
		0.991851,
		-0.127101	],
	"InPlanePhaseEncodingDirectionDICOM": "COL",
	"ConversionSoftware": "dcm2niix",
	"ConversionSoftwareVersion": "v1.0.20171215 (OpenJPEG build) GCC7.3.0"
}
