{
  "Modality": "MR",
  "MagneticFieldStrength": 3,
  "Manufacturer": "Siemens",
  "ManufacturersModelName": "Prisma",
  "InstitutionName": "University_of_Toronto",
  "InstitutionalDepartmentName": "Department",
  "InstitutionAddress": "Huron_325_TORONTO_ONTARIO_CA_M5S_3G3",
  "DeviceSerialNumber": "66108",
  "StationName": "AWP66108",
  "BodyPartExamined": "BRAIN",
  "PatientPosition": "HFS",
  "ProcedureStepDescription": "Cunningham_Nathan",
  "SoftwareVersions": "syngo_MR_E11",
  "MRAcquisitionType": "2D",
  "SeriesDescription": "ep2d_p2s2_run4",
  "ProtocolName": "ep2d_p2s2_run4",
  "ScanningSequence": "EP",
  "SequenceVariant": "SK",
  "ScanOptions": "FS",
  "SequenceName": "_epfid2d1_88",
  "ImageType": [
    "ORIGINAL",
    "PRIMARY",
    "M",
    "ND",
    "NORM",
    "MOSAIC"
  ],
  "SeriesNumber": 9,
  "AcquisitionTime": "19:31:33.872500",
  "AcquisitionNumber": 1,
  "SliceThickness": 2.5,
  "SpacingBetweenSlices": 3,
  "SAR": 0.0682208,
  "EchoTime": 0.026,
  "RepetitionTime": 1.5,
  "FlipAngle": 70,
  "PartialFourier": 1,
  "BaseResolution": 88,
  "ShimSetting": [
    -1040,
    -7007,
    -6368,
    389,
    -61,
    19,
    -50,
    -23
  ],
  "TxRefAmp": 248.264,
  "PhaseResolution": 1,
  "ReceiveCoilName": "Head_32",
  "ReceiveCoilActiveElements": "HEA;HEP",
  "PulseSequenceDetails": "%SiemensSeq%_ep2d_bold",
  "ConsistencyInfo": "N4_VE11C_LATEST_20160120",
  "MultibandAccelerationFactor": 2,
  "PercentPhaseFOV": 100,
  "EchoTrainLength": 43,
  "PhaseEncodingSteps": 87,
  "AcquisitionMatrixPE": 88,
  "ReconMatrixPE": 88,
  "BandwidthPerPixelPhaseEncode": 43.706,
  "ParallelReductionFactorInPlane": 2,
  "EffectiveEchoSpacing": 0.000260002,
  "DerivedVendorReportedEchoSpacing": 0.000520003,
  "TotalReadoutTime": 0.0226202,
  "PixelBandwidth": 2275,
  "DwellTime": 2.5e-06,
  "PhaseEncodingDirection": "j-",
  "SliceTiming": [
    0.7125,
    0,
    0.7675,
    0.055,
    0.8225,
    0.11,
    0.8775,
    0.165,
    0.9325,
    0.22,
    0.985,
    0.2725,
    1.04,
    0.3275,
    1.095,
    0.3825,
    1.15,
    0.4375,
    1.205,
    0.4925,
    1.26,
    0.5475,
    1.315,
    0.6025,
    1.37,
    0.6575,
    1.425,
    0.7125,
    0,
    0.7675,
    0.055,
    0.8225,
    0.11,
    0.8775,
    0.165,
    0.9325,
    0.22,
    0.985,
    0.2725,
    1.04,
    0.3275,
    1.095,
    0.3825,
    1.15,
    0.4375,
    1.205,
    0.4925,
    1.26,
    0.5475,
    1.315,
    0.6025,
    1.37,
    0.6575,
    1.425
  ],
  "ImageOrientationPatientDICOM": [
    0.999867,
    -0.00699513,
    -0.0147006,
    0.00698047,
    0.999975,
    -0.00104831
  ],
  "InPlanePhaseEncodingDirectionDICOM": "COL",
  "ConversionSoftware": "dcm2niix",
  "ConversionSoftwareVersion": "v1.0.20171215 (OpenJPEG build) GCC7.3.0",
  "TaskName": "roletrait"
}
