{
	"Modality": "MR",
	"MagneticFieldStrength": 3,
	"Manufacturer": "Siemens",
	"ManufacturersModelName": "Prisma",
	"InstitutionName": "University_of_Toronto",
	"InstitutionalDepartmentName": "Department",
	"InstitutionAddress": "Huron_325_TORONTO_ONTARIO_CA_M5S_3G3",
	"DeviceSerialNumber": "66108",
	"StationName": "AWP66108",
	"BodyPartExamined": "BRAIN",
	"PatientPosition": "HFS",
	"ProcedureStepDescription": "Cunningham_Nathan",
	"SoftwareVersions": "syngo_MR_E11",
	"MRAcquisitionType": "2D",
	"SeriesDescription": "gre_field_mapping",
	"ProtocolName": "gre_field_mapping",
	"ScanningSequence": "GR",
	"SequenceVariant": "SP",
	"SequenceName": "_fm2d2r",
	"ImageType": ["ORIGINAL", "PRIMARY", "M", "ND"],
	"SeriesNumber": 11,
	"AcquisitionTime": "10:07:40.295000",
	"AcquisitionNumber": 1,
	"SliceThickness": 2.5,
	"SpacingBetweenSlices": 3,
	"SAR": 0.136385,
	"EchoTime": 0.00492,
	"RepetitionTime": 0.554,
	"FlipAngle": 60,
	"PartialFourier": 1,
	"BaseResolution": 88,
	"ShimSetting": [
		-1031,
		-6997,
		-6429,
		331,
		-45,
		-42,
		16,
		-30	],
	"TxRefAmp": 252.55,
	"PhaseResolution": 1,
	"ReceiveCoilName": "Head_32",
	"ReceiveCoilActiveElements": "HEA;HEP",
	"PulseSequenceDetails": "%SiemensSeq%_gre_field_mapping",
	"ConsistencyInfo": "N4_VE11C_LATEST_20160120",
	"PercentPhaseFOV": 100,
	"PhaseEncodingSteps": 88,
	"AcquisitionMatrixPE": 88,
	"ReconMatrixPE": 88,
	"PixelBandwidth": 390,
	"DwellTime": 1.46e-05,
	"PhaseEncodingDirection": "j-",
	"ImageOrientationPatientDICOM": [
		0.990975,
		0.130774,
		-0.0294452,
		-0.133985,
		0.97303,
		-0.187776	],
	"InPlanePhaseEncodingDirectionDICOM": "COL",
	"ConversionSoftware": "dcm2niix",
	"ConversionSoftwareVersion": "v1.0.20171215 (OpenJPEG build) GCC7.3.0"
}
